GEM
  remote: https://rubygems.org/
  specs:
    puma (2.15.3)
    rack (1.6.4)
    sinatra (1.1.0)
      rack (~> 1.1)
      tilt (~> 1.1)
    tilt (1.4.1)

PLATFORMS
  ruby

DEPENDENCIES
  puma
  sinatra (= 1.1.0)
